GEM
  remote: https://rubygems.org/
  specs:
    rake (13.0.0)
    thor (0.20.3)

PLATFORMS
  ruby

DEPENDENCIES
  rake
  thor

BUNDLED WITH
   2.0.2
